GEM
  remote: https://rubygems.org/
  specs:
    activesupport (7.0.5)
      concurrent-ruby (~> 1.0, >= 1.0.2)
      i18n (>= 1.6, < 2)
      minitest (>= 5.1)
      tzinfo (~> 2.0)
    allure-rspec (2.21.1)
      allure-ruby-commons (= 2.21.1)
      rspec-core (>= 3.8, < 4)
    allure-ruby-commons (2.21.1)
      mime-types (>= 3.3, < 4)
      require_all (>= 2, < 4)
      rspec-expectations (~> 3.12)
      uuid (>= 2.3, < 3)
    array_include_methods (1.4.0)
    ast (2.4.2)
    chunky_png (1.4.0)
    color (1.8)
    concurrent-ruby (1.2.2)
    diff-lcs (1.5.0)
    equalizer (0.0.11)
    facets (3.1.0)
    faraday (1.2.0)
      multipart-post (>= 1.2, < 3)
      ruby2_keywords
    glimmer (2.7.3)
      array_include_methods (~> 1.4.0)
      facets (>= 3.1.0, < 4.0.0)
    glimmer-dsl-libui (0.7.8)
      chunky_png (~> 1.4.0)
      color (~> 1.8)
      equalizer (= 0.0.11)
      glimmer (~> 2.7.3)
      libui (~> 0.1.2.pre)
      os (>= 1.0.0, < 2.0.0)
      perfect-shape (~> 1.0.8)
      rouge (>= 3.26.0, < 4.0.0)
      super_module (~> 1.4.1)
    httparty (0.21.0)
      mini_mime (>= 1.0.0)
      multi_xml (>= 0.5.2)
    i18n (1.14.1)
      concurrent-ruby (~> 1.0)
    json (2.6.3)
    kwalify (0.7.2)
    libui (0.1.2.pre-x86_64-darwin)
    macaddr (1.7.2)
      systemu (~> 2.6.5)
    matrix (0.4.2)
    method_source (1.0.0)
    mime-types (3.4.1)
      mime-types-data (~> 3.2015)
    mime-types-data (3.2023.0218.1)
    mini_mime (1.1.2)
    minitest (5.18.0)
    multi_xml (0.6.0)
    multipart-post (2.3.0)
    nokogiri (1.15.2-x86_64-darwin)
      racc (~> 1.4)
    os (1.1.4)
    parallel (1.23.0)
    parallel_split_test (0.10.0)
      parallel (>= 0.5.13)
      rspec-core (>= 3.9.0)
    parallel_tests (4.2.1)
      parallel
    parser (3.2.2.3)
      ast (~> 2.4.1)
      racc
    pastel (0.8.0)
      tty-color (~> 0.5)
    perfect-shape (1.0.8)
      equalizer (>= 0.0.11, < 1.1.0)
      matrix (>= 0.4.2, < 1.1.0)
    racc (1.7.0)
    rainbow (3.1.1)
    rake (13.0.6)
    reek (6.1.4)
      kwalify (~> 0.7.0)
      parser (~> 3.2.0)
      rainbow (>= 2.0, < 4.0)
    regexp_parser (2.8.1)
    require_all (3.0.0)
    rexml (3.2.5)
    rouge (3.30.0)
    rspec (3.12.0)
      rspec-core (~> 3.12.0)
      rspec-expectations (~> 3.12.0)
      rspec-mocks (~> 3.12.0)
    rspec-core (3.12.2)
      rspec-support (~> 3.12.0)
    rspec-expectations (3.12.3)
      diff-lcs (>= 1.2.0, < 2.0)
      rspec-support (~> 3.12.0)
    rspec-mocks (3.12.5)
      diff-lcs (>= 1.2.0, < 2.0)
      rspec-support (~> 3.12.0)
    rspec-support (3.12.0)
    rubocop (1.52.0)
      json (~> 2.3)
      parallel (~> 1.10)
      parser (>= 3.2.0.0)
      rainbow (>= 2.2.2, < 4.0)
      regexp_parser (>= 1.8, < 3.0)
      rexml (>= 3.2.5, < 4.0)
      rubocop-ast (>= 1.28.0, < 2.0)
      ruby-progressbar (~> 1.7)
      unicode-display_width (>= 2.4.0, < 3.0)
    rubocop-ast (1.29.0)
      parser (>= 3.2.1.0)
    rubocop-capybara (2.18.0)
      rubocop (~> 1.41)
    rubocop-factory_bot (2.23.1)
      rubocop (~> 1.33)
    rubocop-rspec (2.22.0)
      rubocop (~> 1.33)
      rubocop-capybara (~> 2.17)
      rubocop-factory_bot (~> 2.22)
    ruby-openai (3.7.0)
      httparty (>= 0.18.1)
    ruby-progressbar (1.13.0)
    ruby2_keywords (0.0.5)
    ruby_raider (0.7.3)
      faraday (~> 1.2.0)
      glimmer-dsl-libui (~> 0.7.3)
      ruby-openai (~> 3.5)
      thor (~> 1.2.1)
      tty-prompt (~> 0.23.1)
    rubyzip (2.3.2)
    selenium-webdriver (4.10.0)
      rexml (~> 3.2, >= 3.2.5)
      rubyzip (>= 1.2.2, < 3.0)
      websocket (~> 1.0)
    super_module (1.4.1)
      method_source (>= 0.8.2, < 1.1.0)
    systemu (2.6.5)
    thor (1.2.2)
    tty-color (0.6.0)
    tty-cursor (0.7.1)
    tty-prompt (0.23.1)
      pastel (~> 0.8)
      tty-reader (~> 0.8)
    tty-reader (0.9.0)
      tty-cursor (~> 0.7)
      tty-screen (~> 0.8)
      wisper (~> 2.0)
    tty-screen (0.8.1)
    tzinfo (2.0.6)
      concurrent-ruby (~> 1.0)
    unicode-display_width (2.4.2)
    uuid (2.3.9)
      macaddr (~> 1.0)
    watir (7.2.2)
      regexp_parser (>= 1.2, < 3)
      selenium-webdriver (~> 4.2)
    webdrivers (5.2.0)
      nokogiri (~> 1.6)
      rubyzip (>= 1.3.0)
      selenium-webdriver (~> 4.0)
    websocket (1.2.9)
    wisper (2.0.1)

PLATFORMS
  x86_64-darwin-21

DEPENDENCIES
  activesupport
  allure-rspec
  allure-ruby-commons
  parallel_split_test
  parallel_tests
  rake
  reek
  rspec
  rubocop
  rubocop-rspec
  ruby_raider (~> 0.7.0)
  selenium-webdriver
  watir
  webdrivers

BUNDLED WITH
   2.4.13
